GEM
  remote: https://rubygems.org/
  specs:
    activesupport (6.1.7.1)
      concurrent-ruby (~> 1.0, >= 1.0.2)
      i18n (>= 1.6, < 2)
      minitest (>= 5.1)
      tzinfo (~> 2.0)
      zeitwerk (~> 2.3)
    algoliasearch (1.12.4)
      httpclient (~> 2.8.2.4)
      json (>= 1.5.1)
    coderay (1.1.1)
    concurrent-ruby (1.1.10)
    damerau-levenshtein (1.2.0)
    httpclient (2.8.2.4)
    i18n (1.12.0)
      concurrent-ruby (~> 1.0)
    json (2.0.2)
    method_source (0.8.2)
    minitest (5.17.0)
    pry (0.10.4)
      coderay (~> 1.1.0)
      method_source (~> 0.8.1)
      slop (~> 3.4)
    slop (3.6.0)
    tzinfo (2.0.5)
      concurrent-ruby (~> 1.0)
    zeitwerk (2.6.6)

PLATFORMS
  ruby

DEPENDENCIES
  activesupport
  algoliasearch
  damerau-levenshtein (~> 1.1)
  httpclient (~> 2.8.2.4)
  pry

BUNDLED WITH
   1.14.3
